PATH
  remote: .
  specs:
    rnba (0.1.0)
      geocoder
      json (= 1.8.6)
      nba_api_wrapper
      pastel (~> 0.7.2)
      thor (~> 0.20.0)
      timezone
      timezone_finder
      tty-color (~> 0.4.2)
      tty-command (~> 0.8.0)
      tty-config (~> 0.2.0)
      tty-cursor (~> 0.5.0)
      tty-editor (~> 0.4.0)
      tty-file (~> 0.6.0)
      tty-font (~> 0.2.0)
      tty-markdown (~> 0.4.0)
      tty-pager (~> 0.11.0)
      tty-platform (~> 0.1.0)
      tty-progressbar (~> 0.15.0)
      tty-prompt (~> 0.16.1)
      tty-screen (~> 0.6.4)
      tty-spinner (~> 0.8.0)
      tty-table (~> 0.10.0)
      tty-tree (~> 0.1.0)
      tty-which (~> 0.3.0)
      tzinfo

GEM
  remote: https://rubygems.org/
  specs:
    addressable (2.5.2)
      public_suffix (>= 2.0.2, < 4.0)
    diff-lcs (1.3)
    domain_name (0.5.20180417)
      unf (>= 0.0.5, < 1.0.0)
    equatable (0.5.0)
    geocoder (1.5.0)
    http (1.0.4)
      addressable (~> 2.3)
      http-cookie (~> 1.0)
      http-form_data (~> 1.0.1)
      http_parser.rb (~> 0.6.0)
    http-cookie (1.0.3)
      domain_name (~> 0.5)
    http-form_data (1.0.3)
    http_parser.rb (0.6.0)
    json (1.8.6)
    kramdown (1.16.2)
    nba_api_wrapper (0.2.4)
      http (~> 1.0.2, >= 1.0)
      json (~> 1.8.1, >= 1.8.1)
    necromancer (0.4.0)
    pastel (0.7.2)
      equatable (~> 0.5.0)
      tty-color (~> 0.4.0)
    public_suffix (3.0.3)
    rake (10.5.0)
    rouge (3.1.1)
    rspec (3.8.0)
      rspec-core (~> 3.8.0)
      rspec-expectations (~> 3.8.0)
      rspec-mocks (~> 3.8.0)
    rspec-core (3.8.0)
      rspec-support (~> 3.8.0)
    rspec-expectations (3.8.2)
      diff-lcs (>= 1.2.0, < 2.0)
      rspec-support (~> 3.8.0)
    rspec-mocks (3.8.0)
      diff-lcs (>= 1.2.0, < 2.0)
      rspec-support (~> 3.8.0)
    rspec-support (3.8.0)
    strings (0.1.4)
      strings-ansi (~> 0.1.0)
      unicode-display_width (~> 1.4.0)
      unicode_utils (~> 1.4.0)
    strings-ansi (0.1.0)
    thor (0.20.3)
    thread_safe (0.3.6)
    timers (4.2.0)
    timezone (1.3.2)
    timezone_finder (1.5.7)
    tty-color (0.4.3)
    tty-command (0.8.2)
      pastel (~> 0.7.0)
    tty-config (0.2.0)
    tty-cursor (0.5.0)
    tty-editor (0.4.0)
      tty-prompt (~> 0.16.0)
      tty-which (~> 0.3.0)
    tty-file (0.6.0)
      diff-lcs (~> 1.3.0)
      pastel (~> 0.7.2)
      tty-prompt (~> 0.16.1)
    tty-font (0.2.0)
    tty-markdown (0.4.0)
      kramdown (~> 1.16.2)
      pastel (~> 0.7.2)
      rouge (~> 3.1.0)
      strings (~> 0.1.0)
      tty-color (~> 0.4.2)
      tty-screen (~> 0.6.4)
    tty-pager (0.11.0)
      strings (~> 0.1.0)
      tty-screen (~> 0.6.4)
      tty-which (~> 0.3.0)
    tty-platform (0.1.0)
    tty-progressbar (0.15.1)
      tty-cursor (~> 0.5.0)
      tty-screen (~> 0.6.4)
      unicode-display_width (~> 1.3)
    tty-prompt (0.16.1)
      necromancer (~> 0.4.0)
      pastel (~> 0.7.0)
      timers (~> 4.0)
      tty-cursor (~> 0.5.0)
      tty-reader (~> 0.3.0)
    tty-reader (0.3.0)
      tty-cursor (~> 0.5.0)
      tty-screen (~> 0.6.4)
      wisper (~> 2.0.0)
    tty-screen (0.6.5)
    tty-spinner (0.8.0)
      tty-cursor (>= 0.5.0)
    tty-table (0.10.0)
      equatable (~> 0.5.0)
      necromancer (~> 0.4.0)
      pastel (~> 0.7.2)
      strings (~> 0.1.0)
      tty-screen (~> 0.6.4)
    tty-tree (0.1.0)
    tty-which (0.3.0)
    tzinfo (1.2.5)
      thread_safe (~> 0.1)
    unf (0.1.4)
      unf_ext
    unf_ext (0.0.7.5)
    unicode-display_width (1.4.0)
    unicode_utils (1.4.0)
    wisper (2.0.0)

PLATFORMS
  ruby

DEPENDENCIES
  bundler (~> 1.17)
  rake (~> 10.0)
  rnba!
  rspec (~> 3.0)

BUNDLED WITH
   1.17.2
